PATH
  remote: .
  specs:
    rockbuild (0.0.2)
      thor

GEM
  remote: https://rubygems.org/
  specs:
    columnize (0.3.6)
    debugger (1.6.5)
      columnize (>= 0.3.1)
      debugger-linecache (~> 1.2.0)
      debugger-ruby_core_source (~> 1.3.1)
    debugger-linecache (1.2.0)
    debugger-ruby_core_source (1.3.1)
    metaclass (0.0.1)
    minitest (5.2.1)
    mocha (0.13.3)
      metaclass (~> 0.0.1)
    rake (10.1.1)
    thor (0.18.1)

PLATFORMS
  ruby

DEPENDENCIES
  bundler (~> 1.5)
  debugger
  minitest
  mocha
  rake
  rockbuild!
  thor
